{
	"Modality": "MR",
	"MagneticFieldStrength": 7,
	"ImagingFrequency": 297.188,
	"Manufacturer": "Siemens",
	"ManufacturersModelName": "Investigational_Device_7T",
	"InstitutionName": "MGH Terra pTx Bay2",
	"InstitutionalDepartmentName": "Department",
	"InstitutionAddress": "13th St 149,Charlestown,MA,US,02129",
	"DeviceSerialNumber": "79021",
	"StationName": "BAY2OCB",
	"BodyPartExamined": "CSPINE",
	"PatientPosition": "HFS",
	"ProcedureStepDescription": "BARRY^RF_Shim_Test",
	"SoftwareVersions": "syngo MR E12",
	"MRAcquisitionType": "2D",
	"SeriesDescription": "tfl_b1map_2x2x3_Target",
	"ProtocolName": "tfl_b1map_2x2x3_Target",
	"ScanningSequence": "GR",
	"SequenceVariant": "SK\\SP",
	"SequenceName": "tfl2d1_512",
	"ImageType": ["ORIGINAL", "PRIMARY", "M", "DIS3D", "DIS2D"],
	"SeriesNumber": 45,
	"AcquisitionTime": "13:11:45.495000",
	"AcquisitionNumber": 1,
	"ImageComments": "anatomical image",
	"SliceThickness": 3,
	"SpacingBetweenSlices": 3.6,
	"SAR": 0.036741,
	"EchoTime": 0.00169,
	"RepetitionTime": 34.42,
	"SpoilingState": true,
	"FlipAngle": 10,
	"PartialFourier": 1,
	"BaseResolution": 192,
	"ShimSetting": [
		3739,
		-7508,
		-6246,
		-553,
		-182,
		6221,
		33,
		-86	],
	"TxRefAmp": 480,
	"PhaseResolution": 1,
	"ReceiveCoilName": "NEUROPOLY_SPINE7T",
	"ReceiveCoilActiveElements": "1H;1H;1H;1H;1H;1H;1H;1H;1H;1H;1H;1H;1H;1H;1H;1H;1H;1H;1H;1H",
	"PulseSequenceDetails": "%SiemensSeq%\\tfl_b1map",
	"CoilCombinationMethod": "Sum of Squares",
	"ConsistencyInfo": "N4_VE12U_LATEST_20181126",
	"MatrixCoilMode": "SENSE",
	"PercentPhaseFOV": 62.5,
	"PercentSampling": 100,
	"PhaseEncodingSteps": 120,
	"AcquisitionMatrixPE": 120,
	"ReconMatrixPE": 120,
	"PixelBandwidth": 1530,
	"DwellTime": 1.7e-06,
	"PhaseEncodingDirection": "i",
	"SliceTiming": [
		17.2656,
		0,
		18.5,
		1.21875,
		19.7344,
		2.45312,
		20.9531,
		3.6875,
		22.2031,
		4.92188,
		23.4219,
		6.15625,
		24.6562,
		7.39062,
		25.8906,
		8.625,
		27.125,
		9.85938,
		28.3594,
		11.0938,
		29.5938,
		12.3281,
		30.8281,
		13.5625,
		32.0625,
		14.7969,
		33.2969,
		16.0312	],
	"ImageOrientationPatientDICOM": [
		0,
		1,
		0,
		0,
		0,
		-1	],
	"ImageOrientationText": "Sag",
	"InPlanePhaseEncodingDirectionDICOM": "ROW",
	"ConversionSoftware": "dcm2niix",
	"ConversionSoftwareVersion": "v1.0.20211006"
}
