{
	"Modality": "MR",
	"MagneticFieldStrength": 7,
	"ImagingFrequency": 297.186,
	"Manufacturer": "Siemens",
	"ManufacturersModelName": "Investigational_Device_7T",
	"InstitutionName": "BIC",
	"InstitutionalDepartmentName": "Department",
	"InstitutionAddress": "Street StreetNo,City,District,CA,ZIP",
	"DeviceSerialNumber": "79017",
	"StationName": "AWP79017",
	"BodyPartExamined": "CSPINE",
	"PatientPosition": "HFS",
	"ProcedureStepDescription": "Development^Dr. Cohen-Adad",
	"SoftwareVersions": "syngo MR E12",
	"MRAcquisitionType": "2D",
	"SeriesDescription": "gre2d_06mm_FOV230_70sli_noshim_400V",
	"ProtocolName": "gre2d_06mm_FOV230_70sli_noshim_400V",
	"ScanningSequence": "GR",
	"SequenceVariant": "SP\\OSP",
	"SequenceName": "*fl2d1",
	"ImageType": ["ORIGINAL", "PRIMARY", "M", "DIS2D"],
	"NonlinearGradientCorrection": true,
	"SeriesNumber": 10,
	"AcquisitionTime": "14:20:53.447500",
	"AcquisitionNumber": 1,
	"SliceThickness": 3,
	"SpacingBetweenSlices": 3,
	"SAR": 0.0134573,
	"EchoTime": 0.00287,
	"RepetitionTime": 0.837,
	"FlipAngle": 15,
	"PartialFourier": 1,
	"BaseResolution": 392,
	"ShimSetting": [
		-112,
		-837,
		-1095,
		-1904,
		-21,
		-80,
		-504,
		856	],
	"TxRefAmp": 400,
	"PhaseResolution": 1,
	"ReceiveCoilName": "NP11_ACDC_SPINE",
	"ReceiveCoilActiveElements": "1H;1H;1H;1H;1H;1H;1H;1H;1H;1H;1H;1H;1H;1H;1H;1H;1H;1H;1H;1H",
	"PulseSequenceDetails": "%SiemensSeq%\\gre",
	"RefLinesPE": 24,
	"CoilCombinationMethod": "Adaptive Combine",
	"ConsistencyInfo": "N4_VE12U_LATEST_20181126",
	"MatrixCoilMode": "GRAPPA",
	"MultibandAccelerationFactor": 2,
	"PercentPhaseFOV": 97.9592,
	"PercentSampling": 100,
	"PhaseEncodingSteps": 385,
	"AcquisitionMatrixPE": 384,
	"ReconMatrixPE": 384,
	"ParallelReductionFactorInPlane": 2,
	"PixelBandwidth": 320,
	"DwellTime": 4e-06,
	"PhaseEncodingDirection": "j-",
	"SliceTiming": [
		0.42188,
		0,
		0.42188,
		0.01562,
		0.4375,
		0.03125,
		0.45312,
		0.03125,
		0.46875,
		0.04688,
		0.46875,
		0.0625,
		0.48438,
		0.07812,
		0.5,
		0.07812,
		0.51562,
		0.09375,
		0.53125,
		0.10938,
		0.53125,
		0.125,
		0.54688,
		0.125,
		0.5625,
		0.14062,
		0.57812,
		0.15625,
		0.57812,
		0.17188,
		0.59375,
		0.17188,
		0.60938,
		0.1875,
		0.625,
		0.20312,
		0.625,
		0.21875,
		0.64062,
		0.21875,
		0.65625,
		0.23438,
		0.67188,
		0.25,
		0.6875,
		0.26562,
		0.6875,
		0.28125,
		0.70312,
		0.28125,
		0.71875,
		0.29688,
		0.73438,
		0.3125,
		0.73438,
		0.32812,
		0.75,
		0.32812,
		0.76562,
		0.34375,
		0.78125,
		0.35938,
		0.78125,
		0.375,
		0.79688,
		0.375,
		0.8125,
		0.39062,
		0.82812,
		0.40625	],
	"ImageOrientationPatientDICOM": [
		1,
		0,
		0,
		0,
		1,
		0	],
	"ImageOrientationText": "Tra",
	"InPlanePhaseEncodingDirectionDICOM": "COL",
	"ConversionSoftware": "dcm2niix",
	"ConversionSoftwareVersion": "v1.0.20220720"
}
